GEM
  remote: https://rubygems.org/
  specs:
    aws-sdk (2.9.2)
      aws-sdk-resources (= 2.9.2)
    aws-sdk-core (2.9.2)
      aws-sigv4 (~> 1.0)
      jmespath (~> 1.0)
    aws-sdk-resources (2.9.2)
      aws-sdk-core (= 2.9.2)
    aws-sigv4 (1.0.0)
    coderay (1.1.0)
    jmespath (1.3.1)
    method_source (0.8.2)
    minitest (5.7.0)
    pry (0.10.1)
      coderay (~> 1.1.0)
      method_source (~> 0.8.1)
      slop (~> 3.4)
    rake (10.4.2)
    slop (3.6.0)
    thor (0.19.1)

PLATFORMS
  ruby

DEPENDENCIES
  aws-sdk
  minitest
  pry
  rake
  thor

RUBY VERSION
   ruby 2.4.1p111

BUNDLED WITH
   1.14.6
